PATH
  remote: .
  specs:
    cloudhealth-setup (0.0.15)
      excon (= 0.25.3)
      fog (= 1.15.0)
      highline (= 1.6.19)
      json_pure (= 1.8.1)
      mechanize (= 2.5.1)
      mixlib-cli (= 1.3.0)
      multi_json (= 1.7.7)
      nokogiri (= 1.5.8)

GEM
  remote: http://rubygems.org/
  specs:
    builder (3.2.2)
    domain_name (0.5.16)
      unf (>= 0.0.5, < 1.0.0)
    excon (0.25.3)
    fog (1.15.0)
      builder
      excon (~> 0.25.0)
      formatador (~> 0.2.0)
      mime-types
      multi_json (~> 1.0)
      net-scp (~> 1.1)
      net-ssh (>= 2.1.3)
      nokogiri (~> 1.5)
      ruby-hmac
    formatador (0.2.4)
    highline (1.6.19)
    json_pure (1.8.1)
    mechanize (2.5.1)
      domain_name (~> 0.5, >= 0.5.1)
      mime-types (~> 1.17, >= 1.17.2)
      net-http-digest_auth (~> 1.1, >= 1.1.1)
      net-http-persistent (~> 2.5, >= 2.5.2)
      nokogiri (~> 1.4)
      ntlm-http (~> 0.1, >= 0.1.1)
      webrobots (~> 0.0, >= 0.0.9)
    mime-types (1.25.1)
    mixlib-cli (1.3.0)
    multi_json (1.7.7)
    net-http-digest_auth (1.4)
    net-http-persistent (2.9.4)
    net-scp (1.1.2)
      net-ssh (>= 2.6.5)
    net-ssh (2.8.0)
    nokogiri (1.5.8)
    ntlm-http (0.1.1)
    ruby-hmac (0.4.0)
    unf (0.1.3)
      unf_ext
    unf_ext (0.0.6)
    webrobots (0.1.1)

PLATFORMS
  ruby

DEPENDENCIES
  cloudhealth-setup!
